GEM
  remote: https://rubygems.org/
  specs:
    anemone (0.7.2)
      nokogiri (>= 1.3.0)
      robotex (>= 1.0.0)
    bson (1.12.5)
    bson_ext (1.12.5)
      bson (~> 1.12.5)
    mini_portile2 (2.0.0)
    mongo (1.12.5)
      bson (= 1.12.5)
    nokogiri (1.6.7.2)
      mini_portile2 (~> 2.0.0.rc2)
    robotex (1.0.0)
    thor (0.19.1)

PLATFORMS
  ruby

DEPENDENCIES
  anemone
  bson_ext
  mongo
  nokogiri
  thor

BUNDLED WITH
   1.11.2
